GEM
  remote: https://rubygems.org/
  specs:
    hashie (5.0.0)
    omniauth (1.9.2)
      hashie (>= 3.4.6)
      rack (>= 1.6.2, < 3)
    rack (2.2.4)

PLATFORMS
  ruby

DEPENDENCIES
  omniauth (= 1.9.2)

BUNDLED WITH
   1.16.2
