GEM
  remote: https://rubygems.org/
  specs:
    hashie (3.6.0)
    omniauth (1.9.0)
      hashie (>= 3.4.6, < 3.7.0)
      rack (>= 1.6.2, < 3)
    rack (2.2.3)

PLATFORMS
  ruby

DEPENDENCIES
  omniauth (= 1.9.0)

BUNDLED WITH
   1.16.2
